GEM
  remote: https://rubygems.org/
  specs:
    actioncable (7.0.8.4)
      actionpack (= 7.0.8.4)
      activesupport (= 7.0.8.4)
      nio4r (~> 2.0)
      websocket-driver (>= 0.6.1)
    actionmailbox (7.0.8.4)
      actionpack (= 7.0.8.4)
      activejob (= 7.0.8.4)
      activerecord (= 7.0.8.4)
      activestorage (= 7.0.8.4)
      activesupport (= 7.0.8.4)
      mail (>= 2.7.1)
      net-imap
      net-pop
      net-smtp
    actionmailer (7.0.8.4)
      actionpack (= 7.0.8.4)
      actionview (= 7.0.8.4)
      activejob (= 7.0.8.4)
      activesupport (= 7.0.8.4)
      mail (~> 2.5, >= 2.5.4)
      net-imap
      net-pop
      net-smtp
      rails-dom-testing (~> 2.0)
    actionpack (7.0.8.4)
      actionview (= 7.0.8.4)
      activesupport (= 7.0.8.4)
      rack (~> 2.0, >= 2.2.4)
      rack-test (>= 0.6.3)
      rails-dom-testing (~> 2.0)
      rails-html-sanitizer (~> 1.0, >= 1.2.0)
    actiontext (7.0.8.4)
      actionpack (= 7.0.8.4)
      activerecord (= 7.0.8.4)
      activestorage (= 7.0.8.4)
      activesupport (= 7.0.8.4)
      globalid (>= 0.6.0)
      nokogiri (>= 1.8.5)
    actionview (7.0.8.4)
      activesupport (= 7.0.8.4)
      builder (~> 3.1)
      erubi (~> 1.4)
      rails-dom-testing (~> 2.0)
      rails-html-sanitizer (~> 1.1, >= 1.2.0)
    active_model_serializers (0.10.14)
      actionpack (>= 4.1)
      activemodel (>= 4.1)
      case_transform (>= 0.2)
      jsonapi-renderer (>= 0.1.1.beta1, < 0.3)
    activejob (7.0.8.4)
      activesupport (= 7.0.8.4)
      globalid (>= 0.3.6)
    activemodel (7.0.8.4)
      activesupport (= 7.0.8.4)
    activerecord (7.0.8.4)
      activemodel (= 7.0.8.4)
      activesupport (= 7.0.8.4)
    activestorage (7.0.8.4)
      actionpack (= 7.0.8.4)
      activejob (= 7.0.8.4)
      activerecord (= 7.0.8.4)
      activesupport (= 7.0.8.4)
      marcel (~> 1.0)
      mini_mime (>= 1.1.0)
    activesupport (7.0.8.4)
      concurrent-ruby (~> 1.0, >= 1.0.2)
      i18n (>= 1.6, < 2)
      minitest (>= 5.1)
      tzinfo (~> 2.0)
    ast (2.4.2)
    bcrypt (3.1.20)
    bootsnap (1.18.3)
      msgpack (~> 1.2)
    brakeman (5.0.4)
    builder (3.3.0)
    case_transform (0.2)
      activesupport
    concurrent-ruby (1.3.3)
    cpf_cnpj (0.5.0)
    crass (1.0.6)
    database_cleaner (2.0.2)
      database_cleaner-active_record (>= 2, < 3)
    database_cleaner-active_record (2.1.0)
      activerecord (>= 5.a)
      database_cleaner-core (~> 2.0.0)
    database_cleaner-core (2.0.1)
    date (3.3.4)
    devise (4.9.4)
      bcrypt (~> 3.0)
      orm_adapter (~> 0.1)
      railties (>= 4.1.0)
      responders
      warden (~> 1.2.3)
    devise_token_auth (1.2.3)
      bcrypt (~> 3.0)
      devise (> 3.5.2, < 5)
      rails (>= 4.2.0, < 7.2)
    diff-lcs (1.5.1)
    erubi (1.13.0)
    factory_bot (6.4.6)
      activesupport (>= 5.0.0)
    factory_bot_rails (6.4.3)
      factory_bot (~> 6.4)
      railties (>= 5.0.0)
    faraday (2.9.2)
      faraday-net_http (>= 2.0, < 3.2)
    faraday-net_http (3.1.0)
      net-http
    globalid (1.2.1)
      activesupport (>= 6.1)
    i18n (1.14.5)
      concurrent-ruby (~> 1.0)
    json (2.7.2)
    jsonapi-renderer (0.2.2)
    kaminari (1.2.2)
      activesupport (>= 4.1.0)
      kaminari-actionview (= 1.2.2)
      kaminari-activerecord (= 1.2.2)
      kaminari-core (= 1.2.2)
    kaminari-actionview (1.2.2)
      actionview
      kaminari-core (= 1.2.2)
    kaminari-activerecord (1.2.2)
      activerecord
      kaminari-core (= 1.2.2)
    kaminari-core (1.2.2)
    language_server-protocol (3.17.0.3)
    loofah (2.22.0)
      crass (~> 1.0.2)
      nokogiri (>= 1.12.0)
    mail (2.8.1)
      mini_mime (>= 0.1.1)
      net-imap
      net-pop
      net-smtp
    marcel (1.0.4)
    method_source (1.1.0)
    mini_mime (1.1.5)
    minitest (5.24.1)
    msgpack (1.7.2)
    net-http (0.4.1)
      uri
    net-imap (0.4.14)
      date
      net-protocol
    net-pop (0.1.2)
      net-protocol
    net-protocol (0.2.2)
      timeout
    net-smtp (0.5.0)
      net-protocol
    nio4r (2.7.3)
    nokogiri (1.16.6-aarch64-linux)
      racc (~> 1.4)
    orm_adapter (0.5.0)
    parallel (1.25.1)
    parser (3.3.3.0)
      ast (~> 2.4.1)
      racc
    pg (1.5.6)
    puma (5.6.8)
      nio4r (~> 2.0)
    racc (1.8.0)
    rack (2.2.9)
    rack-cors (2.0.2)
      rack (>= 2.0.0)
    rack-test (2.1.0)
      rack (>= 1.3)
    rails (7.0.8.4)
      actioncable (= 7.0.8.4)
      actionmailbox (= 7.0.8.4)
      actionmailer (= 7.0.8.4)
      actionpack (= 7.0.8.4)
      actiontext (= 7.0.8.4)
      actionview (= 7.0.8.4)
      activejob (= 7.0.8.4)
      activemodel (= 7.0.8.4)
      activerecord (= 7.0.8.4)
      activestorage (= 7.0.8.4)
      activesupport (= 7.0.8.4)
      bundler (>= 1.15.0)
      railties (= 7.0.8.4)
    rails-dom-testing (2.2.0)
      activesupport (>= 5.0.0)
      minitest
      nokogiri (>= 1.6)
    rails-html-sanitizer (1.6.0)
      loofah (~> 2.21)
      nokogiri (~> 1.14)
    railties (7.0.8.4)
      actionpack (= 7.0.8.4)
      activesupport (= 7.0.8.4)
      method_source
      rake (>= 12.2)
      thor (~> 1.0)
      zeitwerk (~> 2.5)
    rainbow (3.1.1)
    rake (13.2.1)
    regexp_parser (2.9.2)
    responders (3.1.1)
      actionpack (>= 5.2)
      railties (>= 5.2)
    rexml (3.3.1)
      strscan
    rspec-core (3.13.0)
      rspec-support (~> 3.13.0)
    rspec-expectations (3.13.1)
      diff-lcs (>= 1.2.0, < 2.0)
      rspec-support (~> 3.13.0)
    rspec-mocks (3.13.1)
      diff-lcs (>= 1.2.0, < 2.0)
      rspec-support (~> 3.13.0)
    rspec-rails (6.1.3)
      actionpack (>= 6.1)
      activesupport (>= 6.1)
      railties (>= 6.1)
      rspec-core (~> 3.13)
      rspec-expectations (~> 3.13)
      rspec-mocks (~> 3.13)
      rspec-support (~> 3.13)
    rspec-support (3.13.1)
    rubocop (1.64.1)
      json (~> 2.3)
      language_server-protocol (>= 3.17.0)
      parallel (~> 1.10)
      parser (>= 3.3.0.2)
      rainbow (>= 2.2.2, < 4.0)
      regexp_parser (>= 1.8, < 3.0)
      rexml (>= 3.2.5, < 4.0)
      rubocop-ast (>= 1.31.1, < 2.0)
      ruby-progressbar (~> 1.7)
      unicode-display_width (>= 2.4.0, < 3.0)
    rubocop-ast (1.31.3)
      parser (>= 3.3.1.0)
    rubocop-performance (1.11.5)
      rubocop (>= 1.7.0, < 2.0)
      rubocop-ast (>= 0.4.0)
    rubocop-rails (2.11.3)
      activesupport (>= 4.2.0)
      rack (>= 1.1)
      rubocop (>= 1.7.0, < 2.0)
    rubocop-rspec (2.4.0)
      rubocop (~> 1.0)
      rubocop-ast (>= 1.1.0)
    ruby-progressbar (1.13.0)
    strscan (3.1.0)
    thor (1.3.1)
    timeout (0.4.1)
    tzinfo (2.0.6)
      concurrent-ruby (~> 1.0)
    unicode-display_width (2.5.0)
    uri (0.13.0)
    warden (1.2.9)
      rack (>= 2.0.9)
    websocket-driver (0.7.6)
      websocket-extensions (>= 0.1.0)
    websocket-extensions (0.1.5)
    zeitwerk (2.6.16)

PLATFORMS
  aarch64-linux

DEPENDENCIES
  active_model_serializers
  bootsnap
  brakeman (~> 5.0.4)
  cpf_cnpj
  database_cleaner (~> 2.0.1)
  devise
  devise_token_auth
  factory_bot_rails
  faraday
  kaminari
  pg (~> 1.1)
  puma (~> 5.0)
  rack-cors
  rails (~> 7.0.8, >= 7.0.8.4)
  rspec-rails (~> 6.1.0)
  rubocop-performance (~> 1.11.4)
  rubocop-rails (~> 2.11.3)
  rubocop-rspec (~> 2.4.0)
  tzinfo-data

RUBY VERSION
   ruby 3.1.0p0

BUNDLED WITH
   2.5.14
